GEM
  remote: https://rubygems.org/
  specs:
    actionmailer (3.2.11)
      actionpack (= 3.2.11)
      mail (~> 2.4.4)
    actionpack (3.2.11)
      activemodel (= 3.2.11)
      activesupport (= 3.2.11)
      builder (~> 3.0.0)
      erubis (~> 2.7.0)
      journey (~> 1.0.4)
      rack (~> 1.4.0)
      rack-cache (~> 1.2)
      rack-test (~> 0.6.1)
      sprockets (~> 2.2.1)
    activemodel (3.2.11)
      activesupport (= 3.2.11)
      builder (~> 3.0.0)
    activesupport (3.2.11)
      i18n (~> 0.6)
      multi_json (~> 1.0)
    addressable (2.2.8)
    ansi (1.4.2)
    backports (2.6.2)
    bcrypt-ruby (3.0.1)
    bcrypt-ruby (3.0.1-java)
    builder (3.0.4)
    copyright-header (1.0.7)
    data_objects (0.10.8)
      addressable (~> 2.1)
    dm-active_model (1.2.1)
      activemodel (~> 3.0)
      dm-core (~> 1.2.0)
    dm-aggregates (1.2.0)
      dm-core (~> 1.2.0)
    dm-constraints (1.2.0)
      dm-core (~> 1.2.0)
    dm-core (1.2.0)
      addressable (~> 2.2.6)
    dm-do-adapter (1.2.0)
      data_objects (~> 0.10.6)
      dm-core (~> 1.2.0)
    dm-migrations (1.2.0)
      dm-core (~> 1.2.0)
    dm-observer (1.2.0)
      dm-core (~> 1.2.0)
    dm-postgres-adapter (1.2.0)
      dm-do-adapter (~> 1.2.0)
      do_postgres (~> 0.10.6)
    dm-rails (1.2.1)
      actionpack (~> 3.0)
      dm-active_model (~> 1.2.0)
      dm-core (~> 1.2.0)
      railties (~> 3.0)
    dm-sqlite-adapter (1.2.0)
      dm-do-adapter (~> 1.2.0)
      do_sqlite3 (~> 0.10.6)
    dm-timestamps (1.2.0)
      dm-core (~> 1.2.0)
    dm-transactions (1.2.0)
      dm-core (~> 1.2.0)
    dm-types (1.2.1)
      bcrypt-ruby (~> 3.0.0)
      dm-core (~> 1.2.0)
      fastercsv (~> 1.5.4)
      json (~> 1.6.1)
      multi_json (~> 1.0.3)
      stringex (~> 1.3.0)
      uuidtools (~> 2.1.2)
    dm-validations (1.2.0)
      dm-core (~> 1.2.0)
    do_jdbc (0.10.8-java)
      data_objects (= 0.10.8)
    do_postgres (0.10.8)
      data_objects (= 0.10.8)
    do_postgres (0.10.8-java)
      data_objects (= 0.10.8)
      do_jdbc (= 0.10.8)
      jdbc-postgres (>= 8.2)
    do_sqlite3 (0.10.8)
      data_objects (= 0.10.8)
    do_sqlite3 (0.10.8-java)
      data_objects (= 0.10.8)
      do_jdbc (= 0.10.8)
      jdbc-sqlite3 (>= 3.5.8)
    enforce-ssl (0.2.2)
    erubis (2.7.0)
    fast_gettext (0.6.8)
    fastercsv (1.5.5)
    gettext_i18n_rails (0.6.6)
      fast_gettext
    hike (1.2.1)
    i18n (0.6.1)
    ixtlan-audit (0.3.2)
      slf4r (~> 0.4.2)
    ixtlan-babel (0.2.1)
    ixtlan-error-handler (0.3.1)
      slf4r (~> 0.4.2)
    ixtlan-gettext (0.1.0)
      fast_gettext (~> 0.6)
      ixtlan-remote (~> 0.1)
    ixtlan-guard (0.9.0)
      virtus (~> 0.5)
    ixtlan-optimistic (0.2.1)
    ixtlan-remote (0.1.4)
      rest-client (~> 1.6.3)
    ixtlan-session-timeout (0.4.0)
    jdbc-postgres (9.1.901)
    jdbc-sqlite3 (3.7.2)
    journey (1.0.4)
    json (1.6.7)
    json (1.6.7-java)
    mail (2.4.4)
      i18n (>= 0.4.0)
      mime-types (~> 1.16)
      treetop (~> 1.4.8)
    mime-types (1.19)
    multi_json (1.0.4)
    polyglot (0.3.3)
    pony (1.4)
      mail (> 2.0)
    rack (1.4.3)
    rack-cache (1.2)
      rack (>= 0.4)
    rack-ssl (1.3.2)
      rack
    rack-test (0.6.2)
      rack (>= 1.0)
    railties (3.2.11)
      actionpack (= 3.2.11)
      activesupport (= 3.2.11)
      rack-ssl (~> 1.3.2)
      rake (>= 0.8.7)
      rdoc (~> 3.4)
      thor (>= 0.14.6, < 2.0)
    rake (10.0.3)
    rdoc (3.12)
      json (~> 1.4)
    rest-client (1.6.7)
      mime-types (>= 1.16)
    slf4r (0.4.2)
    sprockets (2.2.2)
      hike (~> 1.2)
      multi_json (~> 1.0)
      rack (~> 1.0)
      tilt (~> 1.1, != 1.3.0)
    stringex (1.3.3)
    thor (0.14.6)
    tilt (1.3.3)
    treetop (1.4.12)
      polyglot
      polyglot (>= 0.3.1)
    turn (0.9.5)
      ansi
    tzinfo (0.3.33)
    uuidtools (2.1.2)
    virtus (0.5.1)
      backports (~> 2.6.1)

PLATFORMS
  java
  ruby

DEPENDENCIES
  actionmailer (~> 3.2.11)
  copyright-header (~> 1.0.7)
  dm-aggregates (~> 1.2.0)
  dm-constraints (~> 1.2.0)
  dm-migrations (~> 1.2.0)
  dm-observer (~> 1.2.0)
  dm-postgres-adapter (~> 1.2.0)
  dm-rails (~> 1.2.1)
  dm-sqlite-adapter (~> 1.2.0)
  dm-timestamps (~> 1.2.0)
  dm-transactions (~> 1.2.0)
  dm-types (~> 1.2.0)
  dm-validations (~> 1.2.0)
  enforce-ssl
  gettext_i18n_rails
  ixtlan-audit (~> 0.3)
  ixtlan-babel (~> 0.2)
  ixtlan-error-handler (~> 0.3)
  ixtlan-gettext (~> 0.1)
  ixtlan-guard (~> 0.9)
  ixtlan-optimistic (~> 0.2.1)
  ixtlan-remote (~> 0.1)
  ixtlan-session-timeout
  pony (~> 1.4)
  railties (~> 3.2.11)
  slf4r (~> 0.4.2)
  turn (~> 0.9.4)
  tzinfo (~> 0.3.32)
